PATH
  remote: .
  specs:
    seed_pic (0.1.0)

GEM
  remote: https://rubygems.org/
  specs:
    rake (12.3.3)

PLATFORMS
  ruby

DEPENDENCIES
  rake (~> 12.0)
  seed_pic!

BUNDLED WITH
   2.1.4
